GEM
  remote: http://rubygems.org/
  specs:
    SystemTimer (1.2.3)
    async-rack (0.5.1)
      rack (~> 1.1)
    daemons (1.1.9)
    diff-lcs (1.1.3)
    eventmachine (1.0.0)
    extlib (0.9.15)
    highline (1.6.15)
    json (1.6.7)
    mime-types (1.19)
    multi_json (1.3.6)
    rack (1.4.1)
    rack-fiber_pool (0.9.2)
    rack-protection (1.2.0)
      rack
    rack-test (0.6.1)
      rack (>= 1.0)
    rake (0.9.2.2)
    redis (3.0.2)
    redis-namespace (1.2.1)
      redis (~> 3.0.0)
    resque (1.23.0)
      multi_json (~> 1.0)
      redis-namespace (~> 1.0)
      sinatra (>= 0.9.2)
      vegas (~> 0.1.2)
    rest-client (1.6.7)
      mime-types (>= 1.16)
    rhoconnect (3.3.6)
      bundler (~> 1.0)
      json (~> 1.6.0)
      rake (~> 0.9.2.2)
      redis (>= 3.0.1)
      resque (>= 1.22.0)
      rest-client (~> 1.6.1)
      rubyzip (~> 0.9.4)
      sinatra (~> 1.3)
      templater (~> 1.0.0)
      thor (~> 0.15.0)
      uuidtools (>= 2.1.1)
    rhomobile-debug (1.0.6)
    rspec (2.10.0)
      rspec-core (~> 2.10.0)
      rspec-expectations (~> 2.10.0)
      rspec-mocks (~> 2.10.0)
    rspec-core (2.10.1)
    rspec-expectations (2.10.0)
      diff-lcs (~> 1.1.3)
    rspec-mocks (2.10.1)
    rubyzip (0.9.9)
    sinatra (1.3.3)
      rack (~> 1.3, >= 1.3.6)
      rack-protection (~> 1.2)
      tilt (~> 1.3, >= 1.3.3)
    templater (1.0.0)
      diff-lcs (>= 1.1.2)
      extlib (>= 0.9.5)
      highline (>= 1.4.0)
    thin (1.4.1)
      daemons (>= 1.0.9)
      eventmachine (>= 0.12.6)
      rack (>= 1.0.0)
    thor (0.15.4)
    tilt (1.3.3)
    uuidtools (2.1.3)
    vegas (0.1.11)
      rack (>= 1.0.0)

PLATFORMS
  ruby

DEPENDENCIES
  SystemTimer (~> 1.2.3)
  async-rack
  dbd-jdbc (>= 0.1.4)
  dbi (>= 0.4.5)
  eventmachine (~> 1.0.0.beta)
  jdbc-sqlite3 (>= 3.7.2)
  jruby-openssl (>= 0.7.4)
  rack-fiber_pool
  rack-test (>= 0.5.3)
  rhoconnect (= 3.3.6)
  rhomobile-debug (>= 1.0.2)
  rspec (~> 2.10.0)
  thin
  trinidad
  warbler
  win32-process
